GEM
  remote: http://rubygems.org/
  specs:
    builder (3.1.4)
    jwt (0.1.5)
      multi_json (>= 1.0)
    multi_json (1.5.0)
    nokogiri (1.5.6-x86-mingw32)
    rack (1.4.3)
    rack-protection (1.3.2)
      rack
    sinatra (1.3.3)
      rack (~> 1.3, >= 1.3.6)
      rack-protection (~> 1.2)
      tilt (~> 1.3, >= 1.3.3)
    tilt (1.3.3)
    twilio-ruby (3.9.0)
      builder (>= 2.1.2)
      jwt (>= 0.1.2)
      multi_json (>= 1.3.0)

PLATFORMS
  x86-mingw32

DEPENDENCIES
  nokogiri
  sinatra
  twilio-ruby
